GEM
  remote: https://rubygems.org/
  specs:
    eventmachine (1.0.3)
    wiringpi (1.1.0)

PLATFORMS
  ruby

DEPENDENCIES
  eventmachine
  wiringpi
